PATH
  remote: .
  specs:
    author_engine (0.1.0)
      coderay (~> 1.1.2)
      gosu (~> 0.14.4)

GEM
  remote: https://rubygems.org/
  specs:
    coderay (1.1.2)
    gosu (0.14.4)
    minitest (5.11.3)
    rake (10.5.0)

PLATFORMS
  ruby

DEPENDENCIES
  author_engine!
  bundler (~> 1.16)
  minitest (~> 5.0)
  rake (~> 10.0)

BUNDLED WITH
   1.17.1
